GEM
  remote: https://rubygems.org/
  specs:
    activesupport (3.2.13)
      i18n (= 0.6.1)
      multi_json (~> 1.0)
    builder (3.2.0)
    chronic (0.9.1)
    domain_name (0.5.24)
      unf (>= 0.0.5, < 1.0.0)
    guess_html_encoding (0.0.9)
    http-cookie (1.0.2)
      domain_name (~> 0.5)
    i18n (0.6.1)
    mechanize (2.7.3)
      domain_name (~> 0.5, >= 0.5.1)
      http-cookie (~> 1.0)
      mime-types (~> 2.0)
      net-http-digest_auth (~> 1.1, >= 1.1.1)
      net-http-persistent (~> 2.5, >= 2.5.2)
      nokogiri (~> 1.4)
      ntlm-http (~> 0.1, >= 0.1.1)
      webrobots (>= 0.0.9, < 0.2)
    mime-types (2.4.3)
    multi_json (1.7.2)
    net-http-digest_auth (1.4)
    net-http-persistent (2.9.4)
    nokogiri (1.5.9)
    ntlm-http (0.1.1)
    rake (10.0.4)
    require_all (1.3.2)
    ruby-hackernews (1.3.6)
      mechanize (>= 1.0.0)
      require_all (>= 1.1.0)
    ruby-readability (0.5.7)
      guess_html_encoding (>= 0.0.4)
      nokogiri (>= 1.4.2)
    unf (0.1.4)
      unf_ext
    unf_ext (0.0.7.1)
    webrobots (0.1.1)
    whenever (0.8.2)
      activesupport (>= 2.3.4)
      chronic (>= 0.6.3)

PLATFORMS
  ruby

DEPENDENCIES
  builder
  rake
  ruby-hackernews (~> 1.3.6)
  ruby-readability
  whenever
